GEM
  remote: https://rubygems.org/
  specs:
    chunky_png (1.3.11)
    ffi (1.11.0)
    mittsu (0.3.0)
      chunky_png (~> 1.3)
      ffi (~> 1.9)
      opengl-bindings (~> 1.5)
    opengl-bindings (1.6.9)

PLATFORMS
  ruby

DEPENDENCIES
  mittsu

BUNDLED WITH
   2.0.1
